GIT
  remote: http://github.com/alexdunae/w3c_validators.git
  revision: 59d2f4d
  specs:
    w3c_validators (1.0.2)

GEM
  remote: http://rubygems.org/
  specs:
    haml (3.0.21)
    json (1.4.6)
    nokogiri (1.4.3.1)
    rack (1.2.1)
    sass (3.1.0.alpha.18)
    sinatra (1.0)
      rack (>= 1.0)
    unicorn (1.1.4)
      rack

PLATFORMS
  ruby

DEPENDENCIES
  haml
  json
  nokogiri
  sass
  sinatra
  unicorn
  w3c_validators!
